PATH
  remote: .
  specs:
    tinkoff_client (0.2.0)
      base64 (~> 0.1.1)
      openssl (~> 3.0.1)
      pry (~> 0.14.1)
      rake (~> 13.0)
      rest-client (~> 2.1.0)
      rspec (~> 3.0)
      selenium-webdriver (~> 4.6.1)
      webdrivers (~> 5.0)

GEM
  remote: https://rubygems.org/
  specs:
    base64 (0.1.1)
    childprocess (4.1.0)
    coderay (1.1.3)
    diff-lcs (1.5.0)
    domain_name (0.5.20190701)
      unf (>= 0.0.5, < 1.0.0)
    http-accept (1.7.0)
    http-cookie (1.0.5)
      domain_name (~> 0.5)
    method_source (1.0.0)
    mime-types (3.4.1)
      mime-types-data (~> 3.2015)
    mime-types-data (3.2022.0105)
    netrc (0.11.0)
    nokogiri (1.13.9-x86_64-linux)
      racc (~> 1.4)
    openssl (3.0.1)
    pry (0.14.1)
      coderay (~> 1.1)
      method_source (~> 1.0)
    racc (1.6.0)
    rake (13.0.6)
    rest-client (2.1.0)
      http-accept (>= 1.7.0, < 2.0)
      http-cookie (>= 1.0.2, < 2.0)
      mime-types (>= 1.16, < 4.0)
      netrc (~> 0.8)
    rexml (3.2.5)
    rspec (3.12.0)
      rspec-core (~> 3.12.0)
      rspec-expectations (~> 3.12.0)
      rspec-mocks (~> 3.12.0)
    rspec-core (3.12.0)
      rspec-support (~> 3.12.0)
    rspec-expectations (3.12.0)
      diff-lcs (>= 1.2.0, < 2.0)
      rspec-support (~> 3.12.0)
    rspec-mocks (3.12.0)
      diff-lcs (>= 1.2.0, < 2.0)
      rspec-support (~> 3.12.0)
    rspec-support (3.12.0)
    rubyzip (2.3.2)
    selenium-webdriver (4.6.1)
      childprocess (>= 0.5, < 5.0)
      rexml (~> 3.2, >= 3.2.5)
      rubyzip (>= 1.2.2, < 3.0)
      websocket (~> 1.0)
    unf (0.1.4)
      unf_ext
    unf_ext (0.0.8.2)
    webdrivers (5.2.0)
      nokogiri (~> 1.6)
      rubyzip (>= 1.3.0)
      selenium-webdriver (~> 4.0)
    websocket (1.2.9)

PLATFORMS
  x86_64-linux

DEPENDENCIES
  base64 (~> 0.1.1)
  openssl (~> 3.0.1)
  pry (~> 0.14.1)
  rake (~> 13.0)
  rest-client (~> 2.1.0)
  rspec (~> 3.0)
  selenium-webdriver (~> 4.6.1)
  tinkoff_client!
  webdrivers (~> 5.0)

BUNDLED WITH
   2.3.3
